PATH
  remote: .
  specs:
    word (0.1)

GEM
  remote: http://rubygems.org/
  specs:
    minitest (2.1.0)

PLATFORMS
  ruby

DEPENDENCIES
  bundler (>= 1.0.0)
  minitest
  word!
